GEM
  remote: https://rubygems.org/
  specs:
    addressable (2.3.6)
    archive-zip (0.6.0)
      io-like (>= 0.3.0)
    faraday (0.9.0)
      multipart-post (>= 1.2, < 3)
    io-like (0.3.0)
    multipart-post (2.0.0)
    octokit (3.1.0)
      sawyer (~> 0.5.3)
    rake (10.3.2)
    sawyer (0.5.4)
      addressable (~> 2.3.5)
      faraday (~> 0.8, < 0.10)

PLATFORMS
  x86-mingw32

DEPENDENCIES
  archive-zip
  octokit
  rake
